PATH
  remote: ../graphql-ruby
  specs:
    graphql (1.11.6)

GEM
  remote: https://rubygems.org/
  specs:
    byebug (11.1.3)
    coderay (1.1.3)
    method_source (1.0.0)
    pry (0.13.1)
      coderay (~> 1.1)
      method_source (~> 1.0)
    pry-byebug (3.9.0)
      byebug (~> 11.0)
      pry (~> 0.13.0)
    rack (2.2.3)
    roda (3.39.0)
      rack
    webrick (1.7.0)

PLATFORMS
  x86_64-darwin-20

DEPENDENCIES
  graphql!
  pry
  pry-byebug
  roda
  webrick

BUNDLED WITH
   2.2.3
